GIT
  remote: https://github.com/jbox-web/actionform.git
  revision: c520460fb15a6d90c3cb13b0cb3e5a4ca55bdfa2
  specs:
    actionform (1.0.0)
      rails (>= 4.2)

GIT
  remote: https://github.com/n-rodriguez/capybara-screenshot.git
  revision: c6ba561a4180878a1c9252f51f25e5e3afa4fa64
  specs:
    capybara-screenshot (1.0.18)
      capybara (>= 1.0, < 3)
      launchy

GIT
  remote: https://github.com/trailblazer/trailblazer-test.git
  revision: 982bd2d8a3c8fec7092b0bd5c53943df797625df
  specs:
    trailblazer-test (0.1.0)

GEM
  remote: https://rubygems.org/
  specs:
    actioncable (5.1.5)
      actionpack (= 5.1.5)
      nio4r (~> 2.0)
      websocket-driver (~> 0.6.1)
    actionmailer (5.1.5)
      actionpack (= 5.1.5)
      actionview (= 5.1.5)
      activejob (= 5.1.5)
      mail (~> 2.5, >= 2.5.4)
      rails-dom-testing (~> 2.0)
    actionpack (5.1.5)
      actionview (= 5.1.5)
      activesupport (= 5.1.5)
      rack (~> 2.0)
      rack-test (>= 0.6.3)
      rails-dom-testing (~> 2.0)
      rails-html-sanitizer (~> 1.0, >= 1.0.2)
    actionview (5.1.5)
      activesupport (= 5.1.5)
      builder (~> 3.1)
      erubi (~> 1.4)
      rails-dom-testing (~> 2.0)
      rails-html-sanitizer (~> 1.0, >= 1.0.3)
    activejob (5.1.5)
      activesupport (= 5.1.5)
      globalid (>= 0.3.6)
    activemodel (5.1.5)
      activesupport (= 5.1.5)
    activerecord (5.1.5)
      activemodel (= 5.1.5)
      activesupport (= 5.1.5)
      arel (~> 8.0)
    activesupport (5.1.5)
      concurrent-ruby (~> 1.0, >= 1.0.2)
      i18n (~> 0.7)
      minitest (~> 5.1)
      tzinfo (~> 1.1)
    addressable (2.5.2)
      public_suffix (>= 2.0.2, < 4.0)
    airbrussh (1.3.0)
      sshkit (>= 1.6.1, != 1.7.0)
    ajax-datatables-rails (0.4.0)
      railties (>= 4.0)
    annotate (2.7.2)
      activerecord (>= 3.2, < 6.0)
      rake (>= 10.4, < 13.0)
    archive-zip (0.11.0)
      io-like (~> 0.3.0)
    arel (8.0.0)
    ast (2.4.0)
    autoprefixer-rails (8.2.0)
      execjs
    awesome_print (1.8.0)
    axiom-types (0.1.1)
      descendants_tracker (~> 0.0.4)
      ice_nine (~> 0.11.0)
      thread_safe (~> 0.3, >= 0.3.1)
    bcrypt (3.1.11)
    bootsnap (1.2.1)
      msgpack (~> 1.0)
    bootstrap-navbar (3.0.2)
      gem_config (~> 0.3)
    bootstrap-sass (3.3.7)
      autoprefixer-rails (>= 5.2.1)
      sass (>= 3.3.4)
    bootstrap_form (2.7.0)
    brakeman (4.2.1)
    builder (3.2.3)
    bullet (5.7.5)
      activesupport (>= 3.0.0)
      uniform_notifier (~> 1.11.0)
    capistrano (3.10.1)
      airbrussh (>= 1.0.0)
      i18n
      rake (>= 10.0.0)
      sshkit (>= 1.9.0)
    capistrano-bundler (1.3.0)
      capistrano (~> 3.1)
      sshkit (~> 1.2)
    capistrano-foreman (1.3.0)
      capistrano (~> 3.1)
      capistrano-bundler (~> 1.1)
    capistrano-rails (1.3.1)
      capistrano (~> 3.1)
      capistrano-bundler (~> 1.1)
    capistrano-rvm (0.1.2)
      capistrano (~> 3.0)
      sshkit (~> 1.2)
    capistrano-scm-gitcopy (0.1.5)
      capistrano (~> 3.0)
    capistrano-template (0.0.9)
      capistrano (~> 3.0)
    capybara (2.18.0)
      addressable
      mini_mime (>= 0.1.3)
      nokogiri (>= 1.3.3)
      rack (>= 1.0.0)
      rack-test (>= 0.5.4)
      xpath (>= 2.0, < 4.0)
    childprocess (0.9.0)
      ffi (~> 1.0, >= 1.0.11)
    choice (0.2.0)
    chromedriver-helper (1.2.0)
      archive-zip (~> 0.10)
      nokogiri (~> 1.8)
    codeclimate-engine-rb (0.4.1)
      virtus (~> 1.0)
    coderay (1.1.2)
    coercible (1.0.0)
      descendants_tracker (~> 0.0.1)
    coffee-rails (4.2.2)
      coffee-script (>= 2.2.0)
      railties (>= 4.0.0)
    coffee-script (2.4.1)
      coffee-script-source
      execjs
    coffee-script-source (1.12.2)
    concurrent-ruby (1.0.5)
    connection_pool (2.2.1)
    crass (1.0.3)
    css_parser (1.6.0)
      addressable
    database_cleaner (1.6.2)
    declarative (0.0.10)
    declarative-builder (0.1.0)
      declarative-option (< 0.2.0)
    declarative-option (0.1.0)
    descendants_tracker (0.0.4)
      thread_safe (~> 0.3, >= 0.3.1)
    devise (4.4.3)
      bcrypt (~> 3.0)
      orm_adapter (~> 0.1)
      railties (>= 4.1.0, < 6.0)
      responders
      warden (~> 1.2.3)
    diff-lcs (1.3)
    disposable (0.4.3)
      declarative (>= 0.0.9, < 1.0.0)
      declarative-builder (< 0.2.0)
      declarative-option (< 0.2.0)
      representable (>= 2.4.0, <= 3.1.0)
      uber (< 0.2.0)
    docile (1.3.0)
    dotenv (2.2.1)
    dotenv-rails (2.2.1)
      dotenv (= 2.2.1)
      railties (>= 3.2, < 5.2)
    equalizer (0.0.11)
    erubi (1.7.1)
    erubis (2.7.0)
    exception_notification (4.2.2)
      actionmailer (>= 4.0, < 6)
      activesupport (>= 4.0, < 6)
    execjs (2.7.0)
    factory_bot (4.8.2)
      activesupport (>= 3.0.0)
    factory_bot_rails (4.8.2)
      factory_bot (~> 4.8.2)
      railties (>= 3.0.0)
    faker (1.8.7)
      i18n (>= 0.7)
    ffi (1.9.23)
    figaro (1.1.1)
      thor (~> 0.14)
    flay (2.10.0)
      erubis (~> 2.7.0)
      path_expander (~> 1.0)
      ruby_parser (~> 3.0)
      sexp_processor (~> 4.0)
    flog (4.6.2)
      path_expander (~> 1.0)
      ruby_parser (~> 3.1, > 3.1.0)
      sexp_processor (~> 4.8)
    font-awesome-sass (4.7.0)
      sass (>= 3.2)
    foreman (0.84.0)
      thor (~> 0.19.1)
    formatador (0.2.5)
    gem_config (0.3.1)
    globalid (0.4.1)
      activesupport (>= 4.2.0)
    guard (2.14.2)
      formatador (>= 0.2.4)
      listen (>= 2.7, < 4.0)
      lumberjack (>= 1.0.12, < 2.0)
      nenv (~> 0.1)
      notiffany (~> 0.0)
      pry (>= 0.9.12)
      shellany (~> 0.0)
      thor (>= 0.18.1)
    guard-compat (1.2.1)
    guard-rspec (4.7.3)
      guard (~> 2.1)
      guard-compat (~> 1.1)
      rspec (>= 2.99.0, < 4.0)
    guard-rubocop (1.3.0)
      guard (~> 2.0)
      rubocop (~> 0.20)
    haml (5.0.4)
      temple (>= 0.8.0)
      tilt
    haml-rails (1.0.0)
      actionpack (>= 4.0.1)
      activesupport (>= 4.0.1)
      haml (>= 4.0.6, < 6.0)
      html2haml (>= 1.0.1)
      railties (>= 4.0.1)
    health-monitor-rails (8.1.0)
      rails (>= 4.0)
    hiredis (0.6.1)
    html2haml (2.2.0)
      erubis (~> 2.7.0)
      haml (>= 4.0, < 6)
      nokogiri (>= 1.6.0)
      ruby_parser (~> 3.5)
    htmlentities (4.3.4)
    httparty (0.16.1)
      multi_xml (>= 0.5.2)
    i18n (0.9.5)
      concurrent-ruby (~> 1.0)
    ice_nine (0.11.2)
    io-like (0.3.0)
    jquery-rails (4.3.1)
      rails-dom-testing (>= 1, < 3)
      railties (>= 4.2.0)
      thor (>= 0.14, < 2.0)
    json (2.1.0)
    launchy (2.4.3)
      addressable (~> 2.3)
    letter_opener (1.4.1)
      launchy (~> 2.2)
    letter_opener_web (1.3.3)
      actionmailer (>= 3.2)
      letter_opener (~> 1.0)
      railties (>= 3.2)
    libv8 (6.3.292.48.1)
    license_finder (5.0.3)
      bundler
      httparty
      rubyzip
      thor
      toml (= 0.2.0)
      with_env (> 1.0)
      xml-simple
    listen (3.1.5)
      rb-fsevent (~> 0.9, >= 0.9.4)
      rb-inotify (~> 0.9, >= 0.9.7)
      ruby_dep (~> 1.2)
    logster (1.2.9)
    loofah (2.2.2)
      crass (~> 1.0.2)
      nokogiri (>= 1.5.9)
    lumberjack (1.0.12)
    mail (2.7.0)
      mini_mime (>= 0.1.1)
    method_source (0.9.0)
    mini_mime (1.0.0)
    mini_portile2 (2.3.0)
    mini_racer (0.1.15)
      libv8 (~> 6.3)
    minitest (5.11.3)
    msgpack (1.2.4)
    multi_xml (0.6.0)
    mysql2 (0.5.0)
    neatjson (0.8.3)
    nenv (0.3.0)
    net-ldap (0.16.1)
    net-scp (1.2.1)
      net-ssh (>= 2.6.5)
    net-ssh (4.2.0)
    nio4r (2.3.0)
    nokogiri (1.8.2)
      mini_portile2 (~> 2.3.0)
    notiffany (0.1.1)
      nenv (~> 0.1)
      shellany (~> 0.0)
    orm_adapter (0.5.0)
    page_title_helper (3.0.0)
      rails (>= 4.2.0, < 6.0)
    parallel (1.12.1)
    parser (2.5.0.5)
      ast (~> 2.4.0)
    parslet (1.8.2)
    path_expander (1.0.3)
    pipetree (0.1.1)
    powerpack (0.1.1)
    premailer (1.11.1)
      addressable
      css_parser (>= 1.6.0)
      htmlentities (>= 4.0.0)
    premailer-rails (1.10.2)
      actionmailer (>= 3, < 6)
      premailer (~> 1.7, >= 1.7.9)
    pry (0.11.3)
      coderay (~> 1.1.0)
      method_source (~> 0.9.0)
    pry-rails (0.3.6)
      pry (>= 0.10.4)
    public_suffix (3.0.2)
    puma (3.11.3)
    pundit (1.1.0)
      activesupport (>= 3.0.0)
    pundit-matchers (1.4.1)
      pundit (~> 1.1, >= 1.1.0)
      rspec-rails (>= 3.0.0)
    rack (2.0.4)
    rack-protection (2.0.1)
      rack
    rack-test (0.8.3)
      rack (>= 1.0, < 3)
    rails (5.1.5)
      actioncable (= 5.1.5)
      actionmailer (= 5.1.5)
      actionpack (= 5.1.5)
      actionview (= 5.1.5)
      activejob (= 5.1.5)
      activemodel (= 5.1.5)
      activerecord (= 5.1.5)
      activesupport (= 5.1.5)
      bundler (>= 1.3.0)
      railties (= 5.1.5)
      sprockets-rails (>= 2.0.0)
    rails-dom-testing (2.0.3)
      activesupport (>= 4.2.0)
      nokogiri (>= 1.6)
    rails-erd (1.5.2)
      activerecord (>= 3.2)
      activesupport (>= 3.2)
      choice (~> 0.2.0)
      ruby-graphviz (~> 1.2)
    rails-html-sanitizer (1.0.4)
      loofah (~> 2.2, >= 2.2.2)
    rails-i18n (5.1.1)
      i18n (>= 0.7, < 2)
      railties (>= 5.0, < 6)
    rails_bootstrap_navbar (3.0.0)
      bootstrap-navbar (~> 3.0)
      rails (>= 3.0.0)
    railties (5.1.5)
      actionpack (= 5.1.5)
      activesupport (= 5.1.5)
      method_source
      rake (>= 0.8.7)
      thor (>= 0.18.1, < 2.0)
    rainbow (3.0.0)
    rake (12.3.1)
    rb-fsevent (0.10.3)
    rb-inotify (0.9.10)
      ffi (>= 0.5.0, < 2)
    rdoc (6.0.3)
    redis (4.0.1)
    redis-actionpack (5.0.2)
      actionpack (>= 4.0, < 6)
      redis-rack (>= 1, < 3)
      redis-store (>= 1.1.0, < 2)
    redis-activesupport (5.0.4)
      activesupport (>= 3, < 6)
      redis-store (>= 1.3, < 2)
    redis-rack (2.0.4)
      rack (>= 1.5, < 3)
      redis-store (>= 1.2, < 2)
    redis-rails (5.0.2)
      redis-actionpack (>= 5.0, < 6)
      redis-activesupport (>= 5.0, < 6)
      redis-store (>= 1.2, < 2)
    redis-store (1.4.1)
      redis (>= 2.2, < 5)
    reek (4.8.0)
      codeclimate-engine-rb (~> 0.4.0)
      parser (>= 2.5.0.0, < 2.6)
      rainbow (~> 3.0)
    reform (2.2.4)
      disposable (>= 0.4.1)
      representable (>= 2.4.0, < 3.1.0)
    reform-rails (0.1.7)
      activemodel (>= 3.2)
      reform (>= 2.2.0)
    representable (3.0.4)
      declarative (< 0.1.0)
      declarative-option (< 0.2.0)
      uber (< 0.2.0)
    responders (2.4.0)
      actionpack (>= 4.2.0, < 5.3)
      railties (>= 4.2.0, < 5.3)
    rspec (3.7.0)
      rspec-core (~> 3.7.0)
      rspec-expectations (~> 3.7.0)
      rspec-mocks (~> 3.7.0)
    rspec-core (3.7.1)
      rspec-support (~> 3.7.0)
    rspec-expectations (3.7.0)
      diff-lcs (>= 1.2.0, < 2.0)
      rspec-support (~> 3.7.0)
    rspec-mocks (3.7.0)
      diff-lcs (>= 1.2.0, < 2.0)
      rspec-support (~> 3.7.0)
    rspec-rails (3.7.2)
      actionpack (>= 3.0)
      activesupport (>= 3.0)
      railties (>= 3.0)
      rspec-core (~> 3.7.0)
      rspec-expectations (~> 3.7.0)
      rspec-mocks (~> 3.7.0)
      rspec-support (~> 3.7.0)
    rspec-support (3.7.1)
    rubocop (0.54.0)
      parallel (~> 1.10)
      parser (>= 2.5)
      powerpack (~> 0.1)
      rainbow (>= 2.2.2, < 4.0)
      ruby-progressbar (~> 1.7)
      unicode-display_width (~> 1.0, >= 1.0.1)
    ruby-graphviz (1.2.3)
    ruby-progressbar (1.9.0)
    ruby_dep (1.5.0)
    ruby_parser (3.11.0)
      sexp_processor (~> 4.9)
    rubycritic (3.4.0)
      flay (~> 2.8)
      flog (~> 4.4)
      launchy (= 2.4.3)
      parser (~> 2.5.0)
      rainbow (~> 3.0)
      reek (~> 4.4)
      ruby_parser (~> 3.8)
      tty-which (~> 0.3.0)
      virtus (~> 1.0)
    rubyzip (1.2.1)
    sass (3.5.6)
      sass-listen (~> 4.0.0)
    sass-listen (4.0.0)
      rb-fsevent (~> 0.9, >= 0.9.4)
      rb-inotify (~> 0.9, >= 0.9.7)
    sass-rails (5.0.7)
      railties (>= 4.0.0, < 6)
      sass (~> 3.1)
      sprockets (>= 2.8, < 4.0)
      sprockets-rails (>= 2.0, < 4.0)
      tilt (>= 1.1, < 3)
    sdoc (1.0.0)
      rdoc (>= 5.0)
    select2-rails (4.0.3)
      thor (~> 0.14)
    selenium-webdriver (3.11.0)
      childprocess (~> 0.5)
      rubyzip (~> 1.2)
    settingslogic (2.0.9)
    sexp_processor (4.10.1)
    shellany (0.0.1)
    shoulda-context (1.2.2)
    shoulda-matchers (3.1.2)
      activesupport (>= 4.0.0)
    sidekiq (5.1.1)
      concurrent-ruby (~> 1.0)
      connection_pool (~> 2.2, >= 2.2.0)
      rack-protection (>= 1.5.0)
      redis (>= 3.3.5, < 5)
    simple-navigation (4.0.5)
      activesupport (>= 2.3.2)
    simple_navigation_bootstrap (1.0.1)
      simple-navigation (~> 4.0)
    simplecov (0.16.1)
      docile (~> 1.1)
      json (>= 1.8, < 3)
      simplecov-html (~> 0.10.0)
    simplecov-html (0.10.2)
    spring (2.0.2)
      activesupport (>= 4.2)
    spring-commands-rspec (1.0.4)
      spring (>= 0.9.1)
    spring-commands-rubocop (0.2.0)
      spring (>= 1.0, < 3.0)
    sprockets (3.7.1)
      concurrent-ruby (~> 1.0)
      rack (> 1, < 3)
    sprockets-rails (3.2.1)
      actionpack (>= 4.0)
      activesupport (>= 4.0)
      sprockets (>= 3.0.0)
    sshkit (1.16.0)
      net-scp (>= 1.1.2)
      net-ssh (>= 2.8.0)
    syslogger (1.6.5)
    temple (0.8.0)
    thor (0.19.4)
    thread_safe (0.3.6)
    tilt (2.0.8)
    toml (0.2.0)
      parslet (~> 1.8.0)
    trailblazer (2.0.7)
      declarative
      reform (>= 2.2.0, < 3.0.0)
      trailblazer-operation (>= 0.0.12, < 0.1.0)
    trailblazer-loader (0.1.2)
    trailblazer-operation (0.0.13)
      declarative
      pipetree (>= 0.1.1, < 0.2.0)
      uber
    trailblazer-rails (1.0.4)
      reform-rails (>= 0.1.4, < 0.2.0)
      trailblazer (>= 2.0.0, < 2.1.0)
      trailblazer-loader (>= 0.1.0)
    tty-which (0.3.0)
    turbolinks (5.1.0)
      turbolinks-source (~> 5.1)
    turbolinks-source (5.1.0)
    tzinfo (1.2.5)
      thread_safe (~> 0.1)
    uber (0.1.0)
    uglifier (4.1.8)
      execjs (>= 0.3.0, < 3)
    unicode-display_width (1.3.0)
    uniform_notifier (1.11.0)
    virtus (1.0.5)
      axiom-types (~> 0.1)
      coercible (~> 1.0)
      descendants_tracker (~> 0.0, >= 0.0.3)
      equalizer (~> 0.0, >= 0.0.9)
    warden (1.2.7)
      rack (>= 1.0)
    websocket-driver (0.6.5)
      websocket-extensions (>= 0.1.0)
    websocket-extensions (0.1.3)
    with_env (1.1.0)
    xml-simple (1.1.5)
    xpath (3.0.0)
      nokogiri (~> 1.8)

PLATFORMS
  ruby

DEPENDENCIES
  actionform!
  ajax-datatables-rails
  annotate
  autoprefixer-rails
  awesome_print
  bcrypt
  bootsnap
  bootstrap-sass
  bootstrap_form
  brakeman
  bullet
  capistrano
  capistrano-foreman
  capistrano-rails
  capistrano-rvm
  capistrano-scm-gitcopy
  capistrano-template
  capybara
  capybara-screenshot!
  chromedriver-helper
  coffee-rails
  database_cleaner
  devise
  dotenv-rails
  exception_notification
  factory_bot_rails
  faker
  figaro
  font-awesome-sass (= 4.7.0)
  foreman
  guard
  guard-rspec
  guard-rubocop
  haml-rails
  health-monitor-rails
  hiredis
  jquery-rails
  letter_opener (~> 1.4.0)
  letter_opener_web
  license_finder
  logster
  mini_racer
  mysql2
  neatjson
  net-ldap
  nokogiri
  page_title_helper
  premailer-rails
  pry-rails
  puma
  pundit
  pundit-matchers
  rails (~> 5.1)
  rails-erd
  rails-i18n
  rails_bootstrap_navbar
  redis
  redis-rails
  responders
  rspec
  rspec-rails
  rubocop
  rubycritic
  sass-rails
  sdoc
  select2-rails
  selenium-webdriver
  settingslogic
  shoulda-context
  shoulda-matchers
  sidekiq
  simple-navigation
  simple_navigation_bootstrap
  simplecov
  spring
  spring-commands-rspec
  spring-commands-rubocop
  syslogger
  toml
  trailblazer-rails (= 1.0.4)
  trailblazer-test!
  turbolinks
  tzinfo
  uglifier

RUBY VERSION
   ruby 2.5.0p0

BUNDLED WITH
   1.16.1
